GEM
  remote: http://rubygems.org/
  specs:
    activesupport (4.0.0)
      i18n (~> 0.6, >= 0.6.4)
      minitest (~> 4.2)
      multi_json (~> 1.3)
      thread_safe (~> 0.1)
      tzinfo (~> 0.3.37)
    atomic (1.1.10)
    awesome_print (1.1.0)
    bson (1.9.1)
    bson_ext (1.9.1)
      bson (~> 1.9.1)
    i18n (0.6.4)
    minitest (4.7.5)
    mongo (1.9.1)
      bson (~> 1.9.1)
    multi_json (1.7.7)
    mysql2 (0.3.13)
    rack (1.4.4)
    rack-protection (1.3.2)
      rack
    sinatra (1.3.3)
      rack (~> 1.3, >= 1.3.6)
      rack-protection (~> 1.2)
      tilt (~> 1.3, >= 1.3.3)
    snappy (0.0.8)
    thread_safe (0.1.0)
      atomic
    tilt (1.3.3)
    tzinfo (0.3.37)

PLATFORMS
  ruby

DEPENDENCIES
  activesupport
  awesome_print
  bson_ext
  mongo
  mysql2
  rack
  sinatra
  snappy
